PATH
  remote: ../act_as_api_client
  specs:
    act_as_api_client (0.1.1)

PATH
  remote: ../lined
  specs:
    processable (0.0.1)

GEM
  remote: https://rubygems.org/
  specs:
    addressable (2.8.0)
      public_suffix (>= 2.0.2, < 5.0)
    byebug (11.1.3)
    crack (0.4.5)
      rexml
    diff-lcs (1.5.0)
    dry-cli (0.7.0)
    hashdiff (1.0.1)
    public_suffix (4.0.7)
    rake (13.0.6)
    rexml (3.2.5)
    rspec (3.11.0)
      rspec-core (~> 3.11.0)
      rspec-expectations (~> 3.11.0)
      rspec-mocks (~> 3.11.0)
    rspec-core (3.11.0)
      rspec-support (~> 3.11.0)
    rspec-expectations (3.11.0)
      diff-lcs (>= 1.2.0, < 2.0)
      rspec-support (~> 3.11.0)
    rspec-mocks (3.11.1)
      diff-lcs (>= 1.2.0, < 2.0)
      rspec-support (~> 3.11.0)
    rspec-support (3.11.0)
    tabled (0.0.4)
      dry-cli
    vcr (6.1.0)
    webmock (3.14.0)
      addressable (>= 2.8.0)
      crack (>= 0.3.2)
      hashdiff (>= 0.4.0, < 2.0.0)

PLATFORMS
  ruby

DEPENDENCIES
  act_as_api_client!
  byebug (~> 11.1)
  processable!
  rake (~> 13.0)
  rspec (~> 3.11)
  tabled (~> 0.0.4)
  vcr (~> 6.1)
  webmock (~> 3.14)

BUNDLED WITH
   2.2.3
